GEM
  remote: http://rubygems.org/
  specs:
    activesupport (3.1.3)
      multi_json (~> 1.0)
    highlight (1.1.3)
      activesupport (>= 2.0.0)
    mini_portile2 (2.8.1)
    multi_json (1.0.4)
    nokogiri (1.14.3)
      mini_portile2 (~> 2.8.0)
      racc (~> 1.4)
    racc (1.6.2)
    rdiscount (1.6.8)

PLATFORMS
  ruby

DEPENDENCIES
  highlight
  nokogiri
  rdiscount
